GEM
  remote: https://rubygems.org/
  specs:
    bigdecimal (3.2.2)
    gpgme (2.0.24)
      mini_portile2 (~> 2.7)
    mini_portile2 (2.8.9)
    pg (1.5.9)
    rack (3.1.16)
    rackup (2.2.1)
      rack (>= 3)
    roda (3.92.0)
      rack
    rodauth (2.39.0)
      roda (>= 2.6.0)
      sequel (>= 4)
    sequel (5.93.0)
      bigdecimal

PLATFORMS
  ruby
  x86_64-linux

DEPENDENCIES
  gpgme
  pg
  rackup
  roda
  rodauth (~> 2.33)
  sequel

BUNDLED WITH
   2.6.9
